GEM
  remote: http://rubygems.org/
  specs:
    activesupport (3.1.0)
      multi_json (~> 1.0)
    cardigan (0.1.0)
      activesupport (~> 3)
      flat_hash (~> 0)
      i18n (~> 0)
      shell_shock (~> 0)
      splat (~> 0)
      uuidtools (~> 2)
    childprocess (0.2.2)
      ffi (~> 1.0.6)
    configuration (1.2.0)
    diff-lcs (1.1.2)
    ffi (1.0.9)
    flat_hash (0.1.0)
      grit (~> 2)
    fuubar (0.0.6)
      rspec (~> 2.0)
      rspec-instafail (~> 0.1.8)
      ruby-progressbar (~> 0.0.10)
    grit (2.4.1)
      diff-lcs (~> 1.1)
      mime-types (~> 1.15)
    haml (3.1.1)
    heroku (2.2.4)
      launchy (>= 0.3.2)
      rest-client (~> 1.6.1)
      term-ansicolor (~> 1.0.5)
    i18n (0.6.0)
    json_pure (1.6.1)
    launchy (0.4.0)
      configuration (>= 0.0.5)
      rake (>= 0.8.1)
    mime-types (1.16)
    multi_json (1.0.3)
    rack (1.3.0)
    rake (0.9.2)
    rest-client (1.6.3)
      mime-types (>= 1.16)
    rspec (2.6.0)
      rspec-core (~> 2.6.0)
      rspec-expectations (~> 2.6.0)
      rspec-mocks (~> 2.6.0)
    rspec-core (2.6.4)
    rspec-expectations (2.6.0)
      diff-lcs (~> 1.1.2)
    rspec-instafail (0.1.8)
    rspec-mocks (2.6.0)
    ruby-progressbar (0.0.10)
    rubyzip (0.9.4)
    selenium-webdriver (2.8.0)
      childprocess (>= 0.2.1)
      ffi (>= 1.0.7)
      json_pure
      rubyzip
    shell_shock (0.0.5)
    sinatra (1.2.6)
      rack (~> 1.1)
      tilt (>= 1.2.2, < 2.0)
    splat (0.1.4)
    term-ansicolor (1.0.5)
    tilt (1.3.2)
    uuidtools (2.1.2)
    watir-page-helper (0.2.0)
      watir-webdriver (>= 0.2.0)
    watir-webdriver (0.3.5)
      selenium-webdriver (>= 0.2.2)

PLATFORMS
  ruby

DEPENDENCIES
  cardigan
  fuubar
  haml
  heroku
  rspec
  sinatra
  watir-page-helper
  watir-webdriver
